NUGET
  remote: https://www.nuget.org/api/v2
    WiX (3.11.1)
